GIT
  remote: git@github.dbg.westfield.com:digital/aaa_client.git
  revision: 3421f33d6f50b2f5a50144a65a762a0f90290d2a
  specs:
    aaa_client (0.0.9)
      rubycas-client (> 2.3.9)
      rubycas-client-rails

GIT
  remote: git@github.dbg.westfield.com:digital/service_api.git
  revision: cd3161db7330ec9db330bfaf76961056108b6586
  specs:
    service_api (0.0.4)
      faraday
      faraday-http-cache (~> 0.2)
      faraday_middleware
      faraday_middleware-parse_oj (~> 0.2)
      hashie (~> 2.0)
      typhoeus (~> 0.6)

GIT
  remote: git@github.dbg.westfield.com:digital/service_helper.git
  revision: 2bba31816200ccf9b83df3d477ad9c3b56996e01
  specs:
    service_helper (0.0.2)

GIT
  remote: https://github.com/bradphelan/jasminerice.git
  revision: d93a3b2ed8f9b74249e2f19d179b5b1f1963dfc3
  specs:
    jasminerice (0.1.0)
      coffee-rails

GIT
  remote: https://github.com/cwalsh/guard-jasmine.git
  revision: 95361af0f1918c7f5da4fe1bf457343ea6462e18
  specs:
    guard-jasmine (1.17.0)
      childprocess
      guard (>= 1.1.0)
      multi_json
      thor
      tilt

GIT
  remote: https://github.com/kneath/kss.git
  revision: 0c86814c441fd2614dd4117eb4083e8208539fde
  specs:
    kss (0.4.0)

GIT
  remote: https://github.com/rubycas/rubycas-client-rails.git
  revision: b97de6edc7871bc43ca1c9572f4d9188a210b341
  specs:
    rubycas-client-rails (0.1.1)
      rails (>= 3.0.0)
      rubycas-client (~> 2.3.9.rc1)

GIT
  remote: https://github.com/rubycas/rubycas-client.git
  revision: 0bdd87d4d7ca29a49e0a77a9adbc5a5c175e618e
  specs:
    rubycas-client (2.3.10.rc1)
      activesupport

GEM
  remote: https://rubygems.org/
  specs:
    actionmailer (4.0.0)
      actionpack (= 4.0.0)
      mail (~> 2.5.3)
    actionpack (4.0.0)
      activesupport (= 4.0.0)
      builder (~> 3.1.0)
      erubis (~> 2.7.0)
      rack (~> 1.5.2)
      rack-test (~> 0.6.2)
    activemodel (4.0.0)
      activesupport (= 4.0.0)
      builder (~> 3.1.0)
    activerecord (4.0.0)
      activemodel (= 4.0.0)
      activerecord-deprecated_finders (~> 1.0.2)
      activesupport (= 4.0.0)
      arel (~> 4.0.0)
    activerecord-deprecated_finders (1.0.3)
    activesupport (4.0.0)
      i18n (~> 0.6, >= 0.6.4)
      minitest (~> 4.2)
      multi_json (~> 1.3)
      thread_safe (~> 0.1)
      tzinfo (~> 0.3.37)
    arel (4.0.0)
    atomic (1.1.10)
    builder (3.1.4)
    childprocess (0.3.9)
      ffi (~> 1.0, >= 1.0.11)
    coderay (1.0.9)
    coffee-rails (4.0.0)
      coffee-script (>= 2.2.0)
      railties (>= 4.0.0.beta, < 5.0)
    coffee-script (2.2.0)
      coffee-script-source
      execjs
    coffee-script-source (1.6.3)
    columnize (0.3.6)
    debugger (1.6.1)
      columnize (>= 0.3.1)
      debugger-linecache (~> 1.2.0)
      debugger-ruby_core_source (~> 1.2.3)
    debugger-linecache (1.2.0)
    debugger-ruby_core_source (1.2.3)
    diff-lcs (1.2.4)
    dotenv (0.8.0)
    dotenv-rails (0.8.0)
      dotenv (= 0.8.0)
    em-websocket (0.5.0)
      eventmachine (>= 0.12.9)
      http_parser.rb (~> 0.5.3)
    erubis (2.7.0)
    ethon (0.5.12)
      ffi (>= 1.3.0)
      mime-types (~> 1.18)
    eventmachine (1.0.3)
    execjs (1.4.0)
      multi_json (~> 1.0)
    faraday (0.8.7)
      multipart-post (~> 1.1)
    faraday-http-cache (0.2.1)
      activesupport (>= 3.0)
      faraday (~> 0.8)
      multi_json (~> 1.3)
    faraday_middleware (0.9.0)
      faraday (>= 0.7.4, < 0.9)
    faraday_middleware-parse_oj (0.2.1)
      faraday_middleware (~> 0.8)
      oj (~> 2.0)
    ffi (1.9.0)
    foreman (0.63.0)
      dotenv (>= 0.7)
      thor (>= 0.13.6)
    formatador (0.2.4)
    gon (4.1.1)
      actionpack (>= 2.3.0)
      json
    guard (1.8.1)
      formatador (>= 0.2.4)
      listen (>= 1.0.0)
      lumberjack (>= 1.0.2)
      pry (>= 0.9.10)
      thor (>= 0.14.6)
    guard-livereload (1.4.0)
      em-websocket (>= 0.5.0)
      guard (>= 1.8.0)
      multi_json (~> 1.7)
    hashie (2.0.5)
    health_check (1.2.0)
      rails (>= 2.3.0)
    hike (1.2.3)
    http_parser.rb (0.5.3)
    i18n (0.6.4)
    json (1.8.0)
    kaminari (0.14.1)
      actionpack (>= 3.0.0)
      activesupport (>= 3.0.0)
    listen (1.2.2)
      rb-fsevent (>= 0.9.3)
      rb-inotify (>= 0.9)
      rb-kqueue (>= 0.2)
    lumberjack (1.0.4)
    mail (2.5.4)
      mime-types (~> 1.16)
      treetop (~> 1.4.8)
    method_source (0.8.1)
    mime-types (1.23)
    mini_portile (0.5.1)
    minitest (4.7.5)
    money (5.1.1)
      i18n (~> 0.6.0)
    multi_json (1.7.7)
    multipart-post (1.2.0)
    nokogiri (1.6.0)
      mini_portile (~> 0.5.0)
    oj (2.1.4)
    polyglot (0.3.3)
    pry (0.9.12.2)
      coderay (~> 1.0.5)
      method_source (~> 0.8)
      slop (~> 3.4)
    pry-remote (0.1.7)
      pry (~> 0.9)
      slop (~> 3.0)
    rack (1.5.2)
    rack-livereload (0.3.15)
      rack
    rack-proxy (0.4.0)
      rack
    rack-test (0.6.2)
      rack (>= 1.0)
    rails (4.0.0)
      actionmailer (= 4.0.0)
      actionpack (= 4.0.0)
      activerecord (= 4.0.0)
      activesupport (= 4.0.0)
      bundler (>= 1.3.0, < 2.0)
      railties (= 4.0.0)
      sprockets-rails (~> 2.0.0)
    railties (4.0.0)
      actionpack (= 4.0.0)
      activesupport (= 4.0.0)
      rake (>= 0.8.7)
      thor (>= 0.18.1, < 2.0)
    rake (10.1.0)
    rb-fsevent (0.9.3)
    rb-inotify (0.9.0)
      ffi (>= 0.5.0)
    rb-kqueue (0.2.0)
      ffi (>= 0.5.0)
    rspec-core (2.14.4)
    rspec-expectations (2.14.0)
      diff-lcs (>= 1.1.3, < 2.0)
    rspec-mocks (2.14.1)
    rspec-rails (2.14.0)
      actionpack (>= 3.0)
      activesupport (>= 3.0)
      railties (>= 3.0)
      rspec-core (~> 2.14.0)
      rspec-expectations (~> 2.14.0)
      rspec-mocks (~> 2.14.0)
    sass (3.2.9)
    sass-rails (4.0.0)
      railties (>= 4.0.0.beta, < 5.0)
      sass (>= 3.1.10)
      sprockets-rails (~> 2.0.0)
    settingslogic (2.0.9)
    simplecov (0.7.1)
      multi_json (~> 1.0)
      simplecov-html (~> 0.7.1)
    simplecov-html (0.7.1)
    slop (3.4.5)
    sprockets (2.10.0)
      hike (~> 1.2)
      multi_json (~> 1.0)
      rack (~> 1.0)
      tilt (~> 1.1, != 1.3.0)
    sprockets-rails (2.0.0)
      actionpack (>= 3.0)
      activesupport (>= 3.0)
      sprockets (~> 2.8)
    thor (0.18.1)
    thread_safe (0.1.0)
      atomic
    tilt (1.4.1)
    treetop (1.4.14)
      polyglot
      polyglot (>= 0.3.1)
    typhoeus (0.6.3)
      ethon (~> 0.5.11)
    tzinfo (0.3.37)
    uglifier (2.1.2)
      execjs (>= 0.3.0)
      multi_json (~> 1.0, >= 1.0.2)
    vcr (2.5.0)

PLATFORMS
  ruby

DEPENDENCIES
  aaa_client (~> 0.0.9)!
  coffee-rails (~> 4.0.0)
  debugger
  dotenv-rails
  faraday
  faraday_middleware
  foreman
  gon
  guard (~> 1.8.0)
  guard-jasmine!
  guard-livereload (~> 1.4.0)
  hashie
  health_check
  jasminerice!
  json
  kaminari
  kss!
  money
  nokogiri
  pry
  pry-remote
  rack-livereload (~> 0.3.15)
  rack-proxy
  rails (~> 4.0.0)
  rb-fsevent
  rspec-rails
  rubycas-client (> 2.3.9)!
  rubycas-client-rails!
  sass-rails (~> 4.0.0)
  service_api!
  service_helper!
  settingslogic
  simplecov
  uglifier (>= 1.3.0)
  vcr
