GIT
  remote: git@github.dbg.westfield.com:digital/service_api.git
  revision: 4cdd7aeceb6a28a13b0a1737deb155929e50c7c8
  specs:
    service_api (0.0.9)
      faraday
      faraday-http-cache (~> 0.2)
      faraday_middleware
      faraday_middleware-parse_oj (~> 0.2)
      hashie (~> 2.0)
      typhoeus (~> 0.6)

GIT
  remote: git@github.dbg.westfield.com:digital/service_helper.git
  revision: e6888d85a5c8ab04840ba44c732fe7c7a13f9487
  specs:
    service_helper (0.0.23)

GIT
  remote: https://github.com/kneath/kss.git
  revision: ac1c8e297d8e07e2e27678be976020d4951c96b7
  specs:
    kss (0.5.0)

GIT
  remote: https://github.com/westfield/splunk_logger.git
  revision: 5f0bec915e2325d2c7ba1ce764e1a009928cc365
  specs:
    splunk_logger (1.0.0)

GEM
  remote: https://rubygems.org/
  specs:
    actionmailer (4.0.0)
      actionpack (= 4.0.0)
      mail (~> 2.5.3)
    actionpack (4.0.0)
      activesupport (= 4.0.0)
      builder (~> 3.1.0)
      erubis (~> 2.7.0)
      rack (~> 1.5.2)
      rack-test (~> 0.6.2)
    activemodel (4.0.0)
      activesupport (= 4.0.0)
      builder (~> 3.1.0)
    activerecord (4.0.0)
      activemodel (= 4.0.0)
      activerecord-deprecated_finders (~> 1.0.2)
      activesupport (= 4.0.0)
      arel (~> 4.0.0)
    activerecord-deprecated_finders (1.0.3)
    activesupport (4.0.0)
      i18n (~> 0.6, >= 0.6.4)
      minitest (~> 4.2)
      multi_json (~> 1.3)
      thread_safe (~> 0.1)
      tzinfo (~> 0.3.37)
    addressable (2.3.5)
    arel (4.0.1)
    atomic (1.1.14)
    aws_cf_signer (0.1.2)
    better_errors (1.1.0)
      coderay (>= 1.0.0)
      erubis (>= 2.6.6)
    binding_of_caller (0.7.2)
      debug_inspector (>= 0.0.1)
    builder (3.1.4)
    capybara (2.1.0)
      mime-types (>= 1.16)
      nokogiri (>= 1.3.3)
      rack (>= 1.0.0)
      rack-test (>= 0.5.4)
      xpath (~> 2.0)
    capybara-mechanize (1.1.0)
      capybara (~> 2.1.0)
      mechanize (~> 2.7)
    capybara-webkit (1.0.0)
      capybara (~> 2.0, >= 2.0.2)
      json
    cliver (0.2.2)
    cloudinary (1.0.64)
      aws_cf_signer
      rest-client
    coderay (1.0.9)
    coffee-rails (4.0.1)
      coffee-script (>= 2.2.0)
      railties (>= 4.0.0, < 5.0)
    coffee-script (2.2.0)
      coffee-script-source
      execjs
    coffee-script-source (1.6.3)
    columnize (0.3.6)
    daemons (1.1.9)
    debug_inspector (0.0.2)
    debugger (1.6.2)
      columnize (>= 0.3.1)
      debugger-linecache (~> 1.2.0)
      debugger-ruby_core_source (~> 1.2.3)
    debugger-linecache (1.2.0)
    debugger-ruby_core_source (1.2.3)
    diff-lcs (1.2.4)
    domain_name (0.5.15)
      unf (>= 0.0.5, < 1.0.0)
    dotenv (0.9.0)
    dotenv-rails (0.9.0)
      dotenv (= 0.9.0)
    draper (1.3.0)
      actionpack (>= 3.0)
      activemodel (>= 3.0)
      activesupport (>= 3.0)
      request_store (~> 1.0.3)
    erubis (2.7.0)
    ethon (0.7.0)
      ffi (>= 1.3.0)
    eventmachine (1.0.3)
    execjs (2.0.2)
    faraday (0.8.8)
      multipart-post (~> 1.2.0)
    faraday-http-cache (0.4.0)
      faraday (~> 0.8)
    faraday_middleware (0.9.0)
      faraday (>= 0.7.4, < 0.9)
    faraday_middleware-parse_oj (0.2.1)
      faraday_middleware (~> 0.8)
      oj (~> 2.0)
    ffi (1.9.3)
    foreman (0.63.0)
      dotenv (>= 0.7)
      thor (>= 0.13.6)
    gon (4.1.1)
      actionpack (>= 2.3.0)
      json
    hashie (2.0.5)
    health_check (1.4.1)
      rails (>= 2.3.0)
    hike (1.2.3)
    http-cookie (1.0.2)
      domain_name (~> 0.5)
    i18n (0.6.9)
    json (1.8.1)
    kaminari (0.14.1)
      actionpack (>= 3.0.0)
      activesupport (>= 3.0.0)
    launchy (2.3.0)
      addressable (~> 2.3)
    mail (2.5.4)
      mime-types (~> 1.16)
      treetop (~> 1.4.8)
    mechanize (2.7.2)
      domain_name (~> 0.5, >= 0.5.1)
      http-cookie (~> 1.0.0)
      mime-types (~> 1.17, >= 1.17.2)
      net-http-digest_auth (~> 1.1, >= 1.1.1)
      net-http-persistent (~> 2.5, >= 2.5.2)
      nokogiri (~> 1.4)
      ntlm-http (~> 0.1, >= 0.1.1)
      webrobots (>= 0.0.9, < 0.2)
    method_source (0.8.2)
    mime-types (1.25.1)
    mini_portile (0.5.1)
    minitest (4.7.5)
    money (5.1.1)
      i18n (~> 0.6.0)
    multi_json (1.8.2)
    multipart-post (1.2.0)
    net-http-digest_auth (1.4)
    net-http-persistent (2.9)
    newrelic_rpm (3.7.3.199)
    nokogiri (1.6.0)
      mini_portile (~> 0.5.0)
    ntlm-http (0.1.1)
    oj (2.8.1)
    poltergeist (1.4.1)
      capybara (~> 2.1.0)
      cliver (~> 0.2.1)
      multi_json (~> 1.0)
      websocket-driver (>= 0.2.0)
    polyglot (0.3.3)
    pry (0.9.12.2)
      coderay (~> 1.0.5)
      method_source (~> 0.8)
      slop (~> 3.4)
    pry-remote (0.1.7)
      pry (~> 0.9)
      slop (~> 3.0)
    rack (1.5.2)
    rack-pjax (0.7.0)
      nokogiri (~> 1.5)
      rack (~> 1.3)
    rack-proxy (0.4.0)
      rack
    rack-test (0.6.2)
      rack (>= 1.0)
    rails (4.0.0)
      actionmailer (= 4.0.0)
      actionpack (= 4.0.0)
      activerecord (= 4.0.0)
      activesupport (= 4.0.0)
      bundler (>= 1.3.0, < 2.0)
      railties (= 4.0.0)
      sprockets-rails (~> 2.0.0)
    railties (4.0.0)
      actionpack (= 4.0.0)
      activesupport (= 4.0.0)
      rake (>= 0.8.7)
      thor (>= 0.18.1, < 2.0)
    rake (10.1.0)
    request_store (1.0.5)
    rest-client (1.6.7)
      diff-lcs (>= 1.1.3, < 2.0)
      mime-types (>= 1.16)
    rspec (2.14.1)
      rspec-core (~> 2.14.0)
      rspec-expectations (~> 2.14.0)
      rspec-mocks (~> 2.14.0)
    rspec-core (2.14.7)
    rspec-expectations (2.14.3)
      diff-lcs (>= 1.1.3, < 2.0)
    rspec-mocks (2.14.4)
    rspec-rails (2.14.0)
      actionpack (>= 3.0)
      activesupport (>= 3.0)
      railties (>= 3.0)
      rspec-core (~> 2.14.0)
      rspec-expectations (~> 2.14.0)
      rspec-mocks (~> 2.14.0)
    rspec_junit_formatter (0.1.6)
      builder
      rspec (~> 2.0)
      rspec-core (!= 2.12.0)
    sass (3.2.12)
    sass-rails (4.0.1)
      railties (>= 4.0.0, < 5.0)
      sass (>= 3.1.10)
      sprockets-rails (~> 2.0.0)
    settingslogic (2.0.9)
    simplecov (0.7.1)
      multi_json (~> 1.0)
      simplecov-html (~> 0.7.1)
    simplecov-html (0.7.1)
    sitemap_generator (4.2.0)
      builder
    slop (3.4.6)
    sprockets (2.10.0)
      hike (~> 1.2)
      multi_json (~> 1.0)
      rack (~> 1.0)
      tilt (~> 1.1, != 1.3.0)
    sprockets-rails (2.0.1)
      actionpack (>= 3.0)
      activesupport (>= 3.0)
      sprockets (~> 2.8)
    sterile (1.0.3)
    thin (1.6.0)
      daemons (>= 1.0.9)
      eventmachine (>= 1.0.0)
      rack (>= 1.5.0)
    thor (0.18.1)
    thread_safe (0.1.3)
      atomic
    tilt (1.4.1)
    treetop (1.4.15)
      polyglot
      polyglot (>= 0.3.1)
    truncate (0.1.0)
    typhoeus (0.6.8)
      ethon (>= 0.7.0)
    tzinfo (0.3.38)
    uglifier (2.2.1)
      execjs (>= 0.3.0)
      multi_json (~> 1.0, >= 1.0.2)
    unf (0.1.3)
      unf_ext
    unf_ext (0.0.6)
    vcr (2.6.0)
    webrat (0.7.3)
      nokogiri (>= 1.2.0)
      rack (>= 1.0)
      rack-test (>= 0.5.3)
    webrobots (0.1.1)
    websocket-driver (0.3.0)
    xpath (2.0.0)
      nokogiri (~> 1.3)

PLATFORMS
  ruby

DEPENDENCIES
  better_errors
  binding_of_caller
  capybara
  capybara-mechanize
  capybara-webkit
  cloudinary
  coffee-rails (~> 4.0.0)
  debugger
  dotenv-rails
  draper (~> 1.3)
  faraday
  faraday_middleware
  foreman
  gon
  hashie
  health_check
  json
  kaminari
  kss!
  launchy
  mechanize (= 2.7.2)
  money
  newrelic_rpm
  nokogiri
  poltergeist
  pry
  pry-remote
  rack-pjax
  rack-proxy (= 0.4.0)
  rails (~> 4.0.0)
  request_store
  rspec-rails
  rspec_junit_formatter
  sass-rails (~> 4.0.0)
  service_api!
  service_helper!
  settingslogic
  simplecov
  sitemap_generator
  splunk_logger!
  sterile
  thin
  truncate
  uglifier (>= 1.3.0)
  vcr
  webrat
